GEM
  remote: http://rubygems.org/
  specs:
    algorithms (0.5.0)

PLATFORMS
  ruby

DEPENDENCIES
  algorithms
